GEM
  remote: https://rubygems.org/
  specs:
    asciidoctor (1.5.7)
    asciidoctor-diagram (1.5.18)
      asciidoctor (>= 1.5.0, < 3.x)
    coderay (1.1.2)
    rake (10.1.0)
    tilt (2.0.9)

PLATFORMS
  ruby

DEPENDENCIES
  asciidoctor
  asciidoctor-diagram
  coderay
  rake
  tilt

BUNDLED WITH
   1.16.6
